GIT
  remote: https://github.com/seanbarclay/fontcustom.git
  revision: 1c3ad3d2633d3a8add39e8827115394e9ec02d88
  branch: master
  specs:
    fontcustom (1.3.3)
      json (~> 1.4)
      listen (~> 1.0)
      thor (~> 0.14)

GEM
  remote: https://rubygems.org/
  specs:
    ffi (1.9.3)
    json (1.8.1)
    listen (1.3.1)
      rb-fsevent (>= 0.9.3)
      rb-inotify (>= 0.9)
      rb-kqueue (>= 0.2)
    rb-fsevent (0.9.4)
    rb-inotify (0.9.5)
      ffi (>= 0.5.0)
    rb-kqueue (0.2.3)
      ffi (>= 0.5.0)
    thor (0.19.1)

PLATFORMS
  ruby

DEPENDENCIES
  fontcustom!
